GEM
  remote: http://rubygems.org/
  specs:
    faraday (0.8.4)
      multipart-post (~> 1.1)
    json (1.7.5)
    multipart-post (1.1.5)
    serialport (1.1.0)

PLATFORMS
  ruby

DEPENDENCIES
  faraday
  json
  serialport
